PATH
  remote: .
  specs:
    presto-client (0.1.0)
      faraday (~> 0.8.8)
      multi_json (~> 1.0)

GEM
  remote: https://rubygems.org/
  specs:
    addressable (2.3.5)
    crack (0.3.2)
    diff-lcs (1.2.4)
    faraday (0.8.8)
      multipart-post (~> 1.2.0)
    multi_json (1.8.2)
    multipart-post (1.2.0)
    rake (10.1.1)
    rspec (2.13.0)
      rspec-core (~> 2.13.0)
      rspec-expectations (~> 2.13.0)
      rspec-mocks (~> 2.13.0)
    rspec-core (2.13.1)
    rspec-expectations (2.13.0)
      diff-lcs (>= 1.1.3, < 2.0)
    rspec-mocks (2.13.1)
    webmock (1.16.1)
      addressable (>= 2.2.7)
      crack (>= 0.3.2)

PLATFORMS
  ruby

DEPENDENCIES
  presto-client!
  rake (>= 0.9.2)
  rspec (~> 2.13.0)
  webmock (~> 1.16.1)
